GEM
  remote: http://rubygems.org/
  specs:
    colored (1.2)
    em-zmq (0.0.2)
      eventmachine (>= 1.0.0.beta.3)
      ffi (>= 1.0.8)
      ffi-rzmq (>= 0.7.2)
    eventmachine (1.0.0.beta.3)
    ffi (1.0.8)
    ffi-rzmq (0.8.0)
    file-tail (1.0.5)
      spruz (>= 0.1.0)
    god (0.11.0)
    redis (2.2.0)
    spruz (0.2.8)

PLATFORMS
  ruby

DEPENDENCIES
  colored
  em-zmq
  eventmachine (>= 1.0.0.beta.3)
  ffi
  file-tail
  god
  redis
