GEM
  remote: http://rubygems.org/
  specs:
    em-synchrony (0.2.0)
      eventmachine (>= 0.12.9)
    eventmachine (0.12.10)
    hiredis (0.3.1)
    redis (2.2.0)

PLATFORMS
  ruby

DEPENDENCIES
  em-synchrony
  eventmachine
  hiredis
  redis
