GEM
  remote: http://rubygems.org/
  specs:
    ZenTest (4.4.2)
    backports (2.0.1)
    bson (1.3.1)
    bson_ext (1.3.1)
    builder (3.0.0)
    diff-lcs (1.1.2)
    eventmachine (1.0.0.beta.3)
    eventmachine_httpserver (0.2.1)
    excon (0.6.3)
    file-tail (1.0.5)
      spruz (>= 0.1.0)
    fog (0.9.0)
      builder
      excon (~> 0.6.1)
      formatador (>= 0.1.3)
      json
      mime-types
      net-scp (>= 1.0.4)
      net-ssh (>= 2.1.4)
      nokogiri (>= 1.4.4)
      ruby-hmac
    formatador (0.1.4)
    god (0.11.0)
    json (1.5.3)
    kgio (2.5.0)
    mime-types (1.16)
    mongo (1.3.1)
      bson (>= 1.3.1)
    monkey-lib (0.5.4)
      backports
    net-scp (1.0.4)
      net-ssh (>= 1.99.1)
    net-ssh (2.1.4)
    nokogiri (1.4.6)
    rack (1.3.0)
    rspec (2.6.0)
      rspec-core (~> 2.6.0)
      rspec-expectations (~> 2.6.0)
      rspec-mocks (~> 2.6.0)
    rspec-core (2.6.4)
    rspec-expectations (2.6.0)
      diff-lcs (~> 1.1.2)
    rspec-mocks (2.6.0)
    ruby-hmac (0.4.0)
    sinatra (1.2.6)
      rack (~> 1.1)
      tilt (>= 1.2.2, < 2.0)
    sinatra-advanced-routes (0.5.1)
      monkey-lib (~> 0.5.0)
      sinatra (~> 1.0)
      sinatra-sugar (~> 0.5.0)
    sinatra-reloader (0.5.0)
      sinatra (~> 1.0)
      sinatra-advanced-routes (~> 0.5.0)
    sinatra-sugar (0.5.0)
      monkey-lib (~> 0.5.0)
      sinatra (~> 1.0)
    spruz (0.2.8)
    tilt (1.3.2)
    unicorn (3.7.0)
      kgio (~> 2.3)
      rack

PLATFORMS
  ruby

DEPENDENCIES
  ZenTest (~> 4.4.2)
  bson_ext
  eventmachine
  eventmachine_httpserver
  file-tail
  fog (>= 0.9.0)
  god
  mongo
  rspec (~> 2.6.0)
  sinatra
  sinatra-reloader
  unicorn
