GEM
  remote: http://rubygems.org/
  specs:
    builder (3.0.0)
    eventmachine (1.0.0.beta.3)
    excon (0.6.3)
    file-tail (1.0.5)
      spruz (>= 0.1.0)
    fog (0.9.0)
      builder
      excon (~> 0.6.1)
      formatador (>= 0.1.3)
      json
      mime-types
      net-scp (>= 1.0.4)
      net-ssh (>= 2.1.4)
      nokogiri (>= 1.4.4)
      ruby-hmac
    formatador (0.1.4)
    god (0.11.0)
    json (1.5.3)
    mime-types (1.16)
    net-scp (1.0.4)
      net-ssh (>= 1.99.1)
    net-ssh (2.1.4)
    nokogiri (1.4.6)
    ruby-hmac (0.4.0)
    spruz (0.2.8)

PLATFORMS
  ruby

DEPENDENCIES
  eventmachine
  file-tail
  fog (>= 0.9.0)
  god
