GEM
  remote: http://rubygems.org/
  specs:
    bson (1.7.1)
    bson_ext (1.7.1)
      bson (~> 1.7.1)
    coderay (1.0.5)
    colored (1.2)
    em-hiredis (0.1.1)
      hiredis (~> 0.4.0)
    eventmachine (1.0.0)
    exceptional (2.0.32)
      rack
    foreman (0.60.2)
      thor (>= 0.13.6)
    hiredis (0.4.5)
    json (1.5.3)
    method_source (0.7.1)
    pry (0.9.8.4)
      coderay (~> 1.0.5)
      method_source (~> 0.7.1)
      slop (>= 2.4.4, < 3)
    rack (1.3.0)
    rake (0.9.2)
    redis (2.2.1)
    redis-namespace (1.0.3)
      redis (< 3.0.0)
    resque (1.17.1)
      json (>= 1.4.6, < 1.6)
      redis-namespace (~> 1.0.2)
      sinatra (>= 0.9.2)
      vegas (~> 0.1.2)
    sinatra (1.2.6)
      rack (~> 1.1)
      tilt (>= 1.2.2, < 2.0)
    slop (2.4.4)
    thor (0.16.0)
    tilt (1.3.2)
    vegas (0.1.8)
      rack (>= 1.0.0)

PLATFORMS
  ruby

DEPENDENCIES
  bson_ext (~> 1.7.1)
  colored
  em-hiredis (~> 0.1.1)
  eventmachine (= 1.0.0)
  exceptional
  foreman
  hiredis (~> 0.4.0)
  pry
  rake
  redis (>= 2.2.0)
  resque
