GIT
  remote: https://github.com/snappycode/fog
  revision: fbd19f8b45bef3ff5d2e0cd2f061388362d0d4ad
  specs:
    fog (0.10.0)
      builder
      excon (~> 0.6.5)
      formatador (~> 0.2.0)
      mime-types
      multi_json (~> 1.0.3)
      net-scp (~> 1.0.4)
      net-ssh (~> 2.1.4)
      nokogiri (~> 1.5.0)
      ruby-hmac

GEM
  remote: http://rubygems.org/
  specs:
    ZenTest (4.4.2)
    backports (2.3.0)
    bson (1.3.1)
    bson_ext (1.3.1)
    builder (3.0.0)
    crack (0.1.8)
    daemons (1.1.4)
    diff-lcs (1.1.2)
    eventmachine (1.0.0.beta.3)
    eventmachine-tail (0.6.1)
      eventmachine
    eventmachine_httpserver (0.2.1)
    excon (0.6.5)
    ffi (1.0.9)
    file-tail (1.0.6)
      spruz (~> 0.2)
    formatador (0.2.0)
    god (0.11.0)
    hirb (0.4.5)
    httparty (0.7.8)
      crack (= 0.1.8)
    json (1.5.3)
    looksee (1.0.2)
    mime-types (1.16)
    mongo (1.3.1)
      bson (>= 1.3.1)
    monkey-lib (0.5.4)
      backports
    multi_json (1.0.3)
    net-scp (1.0.4)
      net-ssh (>= 1.99.1)
    net-ssh (2.1.4)
    nokogiri (1.5.0)
    parallel (0.5.5)
    rack (1.3.0)
    redis (2.2.1)
    redis-namespace (1.0.3)
      redis (< 3.0.0)
    resque (1.17.1)
      json (>= 1.4.6, < 1.6)
      redis-namespace (~> 1.0.2)
      sinatra (>= 0.9.2)
      vegas (~> 0.1.2)
    rspec (2.6.0)
      rspec-core (~> 2.6.0)
      rspec-expectations (~> 2.6.0)
      rspec-mocks (~> 2.6.0)
    rspec-core (2.6.4)
    rspec-expectations (2.6.0)
      diff-lcs (~> 1.1.2)
    rspec-mocks (2.6.0)
    ruby-hmac (0.4.0)
    sinatra (1.2.6)
      rack (~> 1.1)
      tilt (>= 1.2.2, < 2.0)
    sinatra-advanced-routes (0.5.1)
      monkey-lib (~> 0.5.0)
      sinatra (~> 1.0)
      sinatra-sugar (~> 0.5.0)
    sinatra-reloader (0.5.0)
      sinatra (~> 1.0)
      sinatra-advanced-routes (~> 0.5.0)
    sinatra-sugar (0.5.1)
      monkey-lib (~> 0.5.0)
      sinatra (~> 1.0)
    spruz (0.2.11)
    thin (1.2.11)
      daemons (>= 1.0.9)
      eventmachine (>= 0.12.6)
      rack (>= 1.0.0)
    tilt (1.3.2)
    vegas (0.1.8)
      rack (>= 1.0.0)
    virtualbox (0.9.1)
      ffi (~> 1.0.9)

PLATFORMS
  ruby

DEPENDENCIES
  ZenTest (~> 4.4.2)
  bson_ext
  eventmachine (= 1.0.0.beta.3)
  eventmachine-tail (~> 0.6.1)
  eventmachine_httpserver
  file-tail
  fog!
  god
  hirb
  httparty
  looksee
  mongo
  parallel
  resque
  rspec (~> 2.6.0)
  sinatra
  sinatra-reloader
  thin
  virtualbox
