GIT
  remote: https://github.com/Shopify/statsd-instrument.git
  revision: dc0e9b47a13df1c9dcd9942b24c17d9bc404a6c8
  specs:
    statsd-instrument (1.0.1)

GIT
  remote: https://github.com/joshbuddy/em-spec.git
  revision: f74cbdc2c3b3e48200f1020a7dd2815f95d2faec
  specs:
    em-spec (0.2.5)
      bacon
      eventmachine
      rspec (~> 2.6.0)
      test-unit

GIT
  remote: https://github.com/mloughran/em-hiredis
  revision: 4f1d24bd8e21a18d42758fb53f01eb2d5e936dba
  specs:
    em-hiredis (0.1.0)
      hiredis (~> 0.3.0)

GEM
  remote: http://rubygems.org/
  specs:
    ZenTest (4.4.2)
    addressable (2.2.6)
    autotest-fsevent (0.2.5)
      sys-uname
    autotest-growl (0.2.9)
    awesome_print (0.4.0)
    bacon (1.1.0)
    bson (1.3.1)
    bson_ext (1.3.1)
    builder (3.0.0)
    capistrano (2.9.0)
      highline
      net-scp (>= 1.0.0)
      net-sftp (>= 2.0.0)
      net-ssh (>= 2.0.14)
      net-ssh-gateway (>= 1.1.0)
    crack (0.1.8)
    diff-lcs (1.1.2)
    em-http-request (1.0.0)
      addressable (>= 2.2.3)
      em-socksify
      eventmachine (>= 1.0.0.beta.3)
      http_parser.rb (>= 0.5.2)
    em-mongo (0.4.0)
      bson (>= 1.1.3)
      bson_ext (>= 1.1.3)
      eventmachine (>= 0.12.10)
    em-socksify (0.1.0)
      eventmachine
    eventmachine (1.0.0.beta.3)
    eventmachine-tail (0.6.3)
      eventmachine
    excon (0.7.6)
    ffi (1.0.9)
    file-tail (1.0.6)
      spruz (~> 0.2)
    fog (1.1.1)
      builder
      excon (~> 0.7.4)
      formatador (~> 0.2.0)
      mime-types
      multi_json (~> 1.0.3)
      net-scp (~> 1.0.4)
      net-ssh (>= 2.1.3)
      nokogiri (~> 1.5.0)
      ruby-hmac
    foreman (0.19.0)
      term-ansicolor (~> 1.0.5)
      thor (>= 0.13.6)
    formatador (0.2.1)
    geokit (1.6.0)
    highline (1.6.8)
    hirb (0.4.5)
    hiredis (0.3.1)
    http_parser.rb (0.5.3)
    httparty (0.7.8)
      crack (= 0.1.8)
    json (1.5.3)
    launchy (2.0.5)
      addressable (~> 2.2.6)
    mime-types (1.17.2)
    mongo (1.3.1)
      bson (>= 1.3.1)
    multi_json (1.0.3)
    net-scp (1.0.4)
      net-ssh (>= 1.99.1)
    net-sftp (2.0.5)
      net-ssh (>= 2.0.9)
    net-ssh (2.2.1)
    net-ssh-gateway (1.1.0)
      net-ssh (>= 1.99.1)
    nokogiri (1.5.0)
    parallel (0.5.5)
    pusher (0.8.2)
      crack (~> 0.1.0)
      multi_json (~> 1.0)
      ruby-hmac (~> 0.4.0)
      signature (~> 0.1.2)
    rack (1.3.0)
    rake (0.9.2)
    redis (2.2.1)
    redis-namespace (1.0.3)
      redis (< 3.0.0)
    resque (1.17.1)
      json (>= 1.4.6, < 1.6)
      redis-namespace (~> 1.0.2)
      sinatra (>= 0.9.2)
      vegas (~> 0.1.2)
    resque-lock (0.1.1)
    resque-loner (1.0.1)
      resque (~> 1.0)
    rr (1.0.3)
    rspec (2.6.0)
      rspec-core (~> 2.6.0)
      rspec-expectations (~> 2.6.0)
      rspec-mocks (~> 2.6.0)
    rspec-core (2.6.4)
    rspec-expectations (2.6.0)
      diff-lcs (~> 1.1.2)
    rspec-mocks (2.6.0)
    ruby-hmac (0.4.0)
    signature (0.1.2)
      ruby-hmac
    simplecov (0.4.2)
      simplecov-html (~> 0.4.4)
    simplecov-html (0.4.5)
    sinatra (1.2.6)
      rack (~> 1.1)
      tilt (>= 1.2.2, < 2.0)
    spork (0.9.0.rc9)
    spruz (0.2.11)
    sys-uname (0.8.5)
    term-ansicolor (1.0.6)
    test-unit (2.3.2)
    thor (0.14.6)
    tilt (1.3.2)
    timecop (0.3.5)
    vegas (0.1.8)
      rack (>= 1.0.0)
    virtualbox (0.9.1)
      ffi (~> 1.0.9)

PLATFORMS
  ruby

DEPENDENCIES
  ZenTest (~> 4.4.2)
  autotest-fsevent
  autotest-growl
  awesome_print
  bson_ext
  capistrano
  em-hiredis!
  em-http-request
  em-mongo
  em-spec!
  eventmachine (= 1.0.0.beta.3)
  eventmachine-tail
  file-tail
  fog (~> 1.1.1)
  foreman
  geokit
  hirb
  hiredis (~> 0.3.1)
  httparty
  launchy
  mongo
  parallel
  pusher
  rake
  redis (~> 2.2.0)
  resque
  resque-lock
  resque-loner
  rr (~> 1.0.3)
  rspec (~> 2.6.0)
  simplecov (>= 0.4.0)
  spork (~> 0.9.0.rc)
  statsd-instrument!
  timecop (~> 0.3.5)
  virtualbox
