GEM
  remote: http://rubygems.org/
  specs:
    eventmachine (1.0.0.beta.3)
    file-tail (1.0.5)
      spruz (>= 0.1.0)
    god (0.11.0)
    spruz (0.2.8)

PLATFORMS
  ruby

DEPENDENCIES
  eventmachine
  file-tail
  god
