GIT
  remote: https://github.com/joshbuddy/em-spec.git
  revision: f74cbdc2c3b3e48200f1020a7dd2815f95d2faec
  specs:
    em-spec (0.2.5)
      bacon
      eventmachine
      rspec (~> 2.6.0)
      test-unit

GEM
  remote: http://rubygems.org/
  specs:
    ZenTest (4.4.2)
    addressable (2.2.6)
    autotest-growl (0.2.9)
    bacon (1.1.0)
    bson (1.3.1)
    bson_ext (1.3.1)
    coderay (1.0.5)
    colored (1.2)
    diff-lcs (1.1.2)
    em-hiredis (0.1.1)
      hiredis (~> 0.4.0)
    eventmachine (1.0.0)
    exceptional (2.0.32)
      rack
    fakeredis (0.3.0)
      redis (~> 2.2.0)
    foreman (0.19.0)
      term-ansicolor (~> 1.0.5)
      thor (>= 0.13.6)
    hiredis (0.4.5)
    json (1.5.3)
    launchy (2.0.5)
      addressable (~> 2.2.6)
    method_source (0.7.1)
    mongo (1.3.1)
      bson (>= 1.3.1)
    pry (0.9.8.4)
      coderay (~> 1.0.5)
      method_source (~> 0.7.1)
      slop (>= 2.4.4, < 3)
    rack (1.3.0)
    rake (0.9.2)
    redis (2.2.1)
    redis-namespace (1.0.3)
      redis (< 3.0.0)
    resque (1.17.1)
      json (>= 1.4.6, < 1.6)
      redis-namespace (~> 1.0.2)
      sinatra (>= 0.9.2)
      vegas (~> 0.1.2)
    rr (1.0.3)
    rspec (2.6.0)
      rspec-core (~> 2.6.0)
      rspec-expectations (~> 2.6.0)
      rspec-mocks (~> 2.6.0)
    rspec-core (2.6.4)
    rspec-expectations (2.6.0)
      diff-lcs (~> 1.1.2)
    rspec-mocks (2.6.0)
    sinatra (1.2.6)
      rack (~> 1.1)
      tilt (>= 1.2.2, < 2.0)
    slop (2.4.4)
    term-ansicolor (1.0.6)
    test-unit (2.3.2)
    thor (0.14.6)
    tilt (1.3.2)
    timecop (0.3.5)
    vegas (0.1.8)
      rack (>= 1.0.0)

PLATFORMS
  ruby

DEPENDENCIES
  ZenTest (~> 4.4.2)
  autotest-growl
  bson_ext
  colored
  em-hiredis (~> 0.1.1)
  em-spec!
  eventmachine (= 1.0.0)
  exceptional
  fakeredis
  foreman
  hiredis (~> 0.4.0)
  launchy
  mongo
  pry
  rake
  redis (>= 2.2.0)
  resque
  rr (~> 1.0.3)
  rspec (~> 2.6.0)
  timecop (~> 0.3.5)
