GEM
  remote: http://rubygems.org/
  specs:
    eventmachine (0.12.10)
    json (1.4.6)
    redis (2.2.0)

PLATFORMS
  ruby

DEPENDENCIES
  eventmachine
  json
  redis
