GIT
  remote: https://github.com/Shopify/statsd-instrument.git
  revision: dc0e9b47a13df1c9dcd9942b24c17d9bc404a6c8
  specs:
    statsd-instrument (1.0.1)

GIT
  remote: https://github.com/joshbuddy/em-spec.git
  revision: f74cbdc2c3b3e48200f1020a7dd2815f95d2faec
  specs:
    em-spec (0.2.5)
      bacon
      eventmachine
      rspec (~> 2.6.0)
      test-unit

GIT
  remote: https://github.com/whatupdave/resque-loner
  revision: ec9f23f2df8fabd0f6dac59f594315581044f377
  specs:
    resque-loner (1.0.1)
      resque (~> 1.0)

GEM
  remote: http://rubygems.org/
  specs:
    ZenTest (4.4.2)
    addressable (2.2.6)
    autotest-growl (0.2.9)
    bacon (1.1.0)
    bson (1.3.1)
    bson_ext (1.3.1)
    builder (3.0.0)
    coderay (1.0.5)
    diff-lcs (1.1.2)
    em-hiredis (0.1.1)
      hiredis (~> 0.4.0)
    em-http-request (1.0.0)
      addressable (>= 2.2.3)
      em-socksify
      eventmachine (>= 1.0.0.beta.3)
      http_parser.rb (>= 0.5.2)
    em-socksify (0.1.0)
      eventmachine
    eventmachine (1.0.0.beta.3)
    eventmachine-tail (0.6.3)
      eventmachine
    exceptional (2.0.32)
      rack
    excon (0.12.0)
    fakeredis (0.3.0)
      redis (~> 2.2.0)
    fog (1.2.0)
      builder
      excon (~> 0.12.0)
      formatador (~> 0.2.0)
      mime-types
      multi_json (~> 1.0)
      net-scp (~> 1.0.4)
      net-ssh (>= 2.1.3)
      nokogiri (~> 1.5.0)
      ruby-hmac
    foreman (0.19.0)
      term-ansicolor (~> 1.0.5)
      thor (>= 0.13.6)
    formatador (0.2.1)
    geokit (1.6.0)
    hirb (0.4.5)
    hiredis (0.4.5)
    http_parser.rb (0.5.3)
    json (1.5.3)
    launchy (2.0.5)
      addressable (~> 2.2.6)
    method_source (0.7.1)
    mime-types (1.17.2)
    mongo (1.3.1)
      bson (>= 1.3.1)
    multi_json (1.1.0)
    net-scp (1.0.4)
      net-ssh (>= 1.99.1)
    net-ssh (2.3.0)
    nokogiri (1.5.2)
    pry (0.9.8.4)
      coderay (~> 1.0.5)
      method_source (~> 0.7.1)
      slop (>= 2.4.4, < 3)
    rack (1.3.0)
    rake (0.9.2)
    redis (2.2.1)
    redis-namespace (1.0.3)
      redis (< 3.0.0)
    resque (1.17.1)
      json (>= 1.4.6, < 1.6)
      redis-namespace (~> 1.0.2)
      sinatra (>= 0.9.2)
      vegas (~> 0.1.2)
    rr (1.0.3)
    rspec (2.6.0)
      rspec-core (~> 2.6.0)
      rspec-expectations (~> 2.6.0)
      rspec-mocks (~> 2.6.0)
    rspec-core (2.6.4)
    rspec-expectations (2.6.0)
      diff-lcs (~> 1.1.2)
    rspec-mocks (2.6.0)
    ruby-hmac (0.4.0)
    sinatra (1.2.6)
      rack (~> 1.1)
      tilt (>= 1.2.2, < 2.0)
    slop (2.4.4)
    term-ansicolor (1.0.6)
    test-unit (2.3.2)
    thor (0.14.6)
    tilt (1.3.2)
    timecop (0.3.5)
    vegas (0.1.8)
      rack (>= 1.0.0)

PLATFORMS
  ruby

DEPENDENCIES
  ZenTest (~> 4.4.2)
  autotest-growl
  bson_ext
  em-hiredis (~> 0.1.1)
  em-http-request
  em-spec!
  eventmachine (= 1.0.0.beta.3)
  eventmachine-tail
  exceptional
  fakeredis
  fog (~> 1.2.0)
  foreman
  geokit
  hirb
  hiredis (~> 0.4.0)
  launchy
  mongo
  pry
  rake
  redis (>= 2.2.0)
  resque
  resque-loner!
  rr (~> 1.0.3)
  rspec (~> 2.6.0)
  statsd-instrument!
  timecop (~> 0.3.5)
